GEM
  remote: https://rubygems.org/
  specs:
    daemons (1.1.9)
    eventmachine (1.0.3-x86-mingw32)
    haml (4.0.5)
      tilt
    rack (1.5.2)
    rack-protection (1.5.0)
      rack
    redis (3.0.7)
    sinatra (1.4.3)
      rack (~> 1.4)
      rack-protection (~> 1.4)
      tilt (~> 1.3, >= 1.3.4)
    thin (1.6.2)
      daemons (>= 1.0.9)
      eventmachine (>= 1.0.0)
      rack (>= 1.0.0)
    tilt (1.4.1)

PLATFORMS
  x86-mingw32

DEPENDENCIES
  haml (= 4.0.5)
  redis (= 3.0.7)
  sinatra (= 1.4.3)
  thin
